PATH
  remote: .
  specs:
    trapper (0.0.1)

GEM
  remote: https://rubygems.org/
  specs:
    ZenTest (4.11.1)
    byebug (9.0.5)
    diff-lcs (1.2.5)
    kommando (0.0.19)
    rake (10.5.0)
    rspec (3.5.0)
      rspec-core (~> 3.5.0)
      rspec-expectations (~> 3.5.0)
      rspec-mocks (~> 3.5.0)
    rspec-autotest (1.0.0)
      rspec-core (>= 2.99.0.beta1, < 4.0.0)
    rspec-core (3.5.1)
      rspec-support (~> 3.5.0)
    rspec-expectations (3.5.0)
      diff-lcs (>= 1.2.0, < 2.0)
      rspec-support (~> 3.5.0)
    rspec-mocks (3.5.0)
      diff-lcs (>= 1.2.0, < 2.0)
      rspec-support (~> 3.5.0)
    rspec-support (3.5.0)

PLATFORMS
  ruby

DEPENDENCIES
  ZenTest (~> 4.11)
  bundler (~> 1.12)
  byebug
  kommando
  rake (~> 10.0)
  rspec (~> 3.0)
  rspec-autotest (~> 1.0)
  trapper!

BUNDLED WITH
   1.12.5
